GEM
  remote: https://rubygems.org/
  specs:
    git_repository (0.0.11)
    rack (1.5.2)

PLATFORMS
  ruby

DEPENDENCIES
  git_repository
  rack
